GEM
  remote: https://rubygems.org/
  specs:
    actioncable (5.2.0)
      actionpack (= 5.2.0)
      nio4r (~> 2.0)
      websocket-driver (>= 0.6.1)
    actionmailer (5.2.0)
      actionpack (= 5.2.0)
      actionview (= 5.2.0)
      activejob (= 5.2.0)
      mail (~> 2.5, >= 2.5.4)
      rails-dom-testing (~> 2.0)
    actionpack (5.2.0)
      actionview (= 5.2.0)
      activesupport (= 5.2.0)
      rack (~> 2.0)
      rack-test (>= 0.6.3)
      rails-dom-testing (~> 2.0)
      rails-html-sanitizer (~> 1.0, >= 1.0.2)
    actionview (5.2.0)
      activesupport (= 5.2.0)
      builder (~> 3.1)
      erubi (~> 1.4)
      rails-dom-testing (~> 2.0)
      rails-html-sanitizer (~> 1.0, >= 1.0.3)
    active_model_serializers (0.10.13)
      actionpack (>= 4.1, < 7.1)
      activemodel (>= 4.1, < 7.1)
      case_transform (>= 0.2)
      jsonapi-renderer (>= 0.1.1.beta1, < 0.3)
    activejob (5.2.0)
      activesupport (= 5.2.0)
      globalid (>= 0.3.6)
    activemodel (5.2.0)
      activesupport (= 5.2.0)
    activerecord (5.2.0)
      activemodel (= 5.2.0)
      activesupport (= 5.2.0)
      arel (>= 9.0)
    activestorage (5.2.0)
      actionpack (= 5.2.0)
      activerecord (= 5.2.0)
      marcel (~> 0.3.1)
    activesupport (5.2.0)
      concurrent-ruby (~> 1.0, >= 1.0.2)
      i18n (>= 0.7, < 2)
      minitest (~> 5.1)
      tzinfo (~> 1.1)
    acts_as_commentable (4.0.2)
    acts_as_follower (0.2.1)
    acts_as_votable (0.10.0)
    addressable (2.8.1)
      public_suffix (>= 2.0.2, < 6.0)
    after_commit_action (1.0.1)
      activerecord (>= 3.0.0)
      activesupport (>= 3.0.0)
    ambry (1.0.0)
    arel (9.0.0)
    auto_html (1.6.4)
      redcarpet (~> 3.1)
      rinku (~> 1.5.0)
    autoprefixer-rails (10.4.7.0)
      execjs (~> 2)
    bcrypt (3.1.18)
    better_errors (2.9.1)
      coderay (>= 1.0.0)
      erubi (>= 1.0.0)
      rack (>= 0.9.0)
    binding_of_caller (1.0.0)
      debug_inspector (>= 0.0.1)
    bootstrap-sass (3.4.1)
      autoprefixer-rails (>= 5.2.1)
      sassc (>= 2.0.0)
    builder (3.2.4)
    capybara (3.36.0)
      addressable
      matrix
      mini_mime (>= 0.1.3)
      nokogiri (~> 1.8)
      rack (>= 1.6.0)
      rack-test (>= 0.6.3)
      regexp_parser (>= 1.5, < 3.0)
      xpath (~> 3.2)
    carrierwave (2.2.0)
      activemodel (>= 5.0.0)
      activesupport (>= 5.0.0)
      addressable (~> 2.6)
      image_processing (~> 1.1)
      mimemagic (>= 0.3.0)
      mini_mime (>= 0.1.3)
      ssrf_filter (~> 1.0)
    case_transform (0.2)
      activesupport
    childprocess (3.0.0)
    coderay (1.1.3)
    concurrent-ruby (1.1.10)
    counter_culture (0.1.34)
      activerecord (>= 3.0.0)
      activesupport (>= 3.0.0)
      after_commit_action (~> 1.0.0)
    crass (1.0.6)
    cucumber (8.0.0)
      builder (~> 3.2, >= 3.2.4)
      cucumber-ci-environment (~> 9.0, >= 9.0.4)
      cucumber-core (~> 11.0, >= 11.0.0)
      cucumber-cucumber-expressions (~> 15.1, >= 15.1.1)
      cucumber-gherkin (~> 23.0, >= 23.0.1)
      cucumber-html-formatter (~> 19.1, >= 19.1.0)
      cucumber-messages (~> 18.0, >= 18.0.0)
      diff-lcs (~> 1.5, >= 1.5.0)
      mime-types (~> 3.4, >= 3.4.1)
      multi_test (~> 1.1, >= 1.1.0)
      sys-uname (~> 1.2, >= 1.2.2)
    cucumber-ci-environment (9.1.0)
    cucumber-core (11.0.0)
      cucumber-gherkin (~> 23.0, >= 23.0.1)
      cucumber-messages (~> 18.0, >= 18.0.0)
      cucumber-tag-expressions (~> 4.1, >= 4.1.0)
    cucumber-cucumber-expressions (15.2.0)
    cucumber-gherkin (23.0.1)
      cucumber-messages (~> 18.0, >= 18.0.0)
    cucumber-html-formatter (19.2.0)
      cucumber-messages (~> 18.0, >= 18.0.0)
    cucumber-messages (18.0.0)
    cucumber-rails (2.6.1)
      capybara (>= 2.18, < 4)
      cucumber (>= 3.2, < 9)
      mime-types (~> 3.3)
      nokogiri (~> 1.10)
      railties (>= 5.0, < 8)
      rexml (~> 3.0)
      webrick (~> 1.7)
    cucumber-rails-training-wheels (1.0.0)
      cucumber-rails (>= 1.1.1)
    cucumber-tag-expressions (4.1.0)
    database_cleaner (2.0.1)
      database_cleaner-active_record (~> 2.0.0)
    database_cleaner-active_record (2.0.1)
      activerecord (>= 5.a)
      database_cleaner-core (~> 2.0.0)
    database_cleaner-core (2.0.1)
    debug_inspector (1.1.0)
    devise (4.8.1)
      bcrypt (~> 3.0)
      orm_adapter (~> 0.1)
      railties (>= 4.1.0)
      responders
      warden (~> 1.2.3)
    diff-lcs (1.5.0)
    email_spec (2.2.1)
      htmlentities (~> 4.3.3)
      launchy (~> 2.1)
      mail (~> 2.7)
    erubi (1.11.0)
    excon (0.93.1)
    execjs (2.8.1)
    faker (2.22.0)
      i18n (>= 1.8.11, < 2)
    ffi (1.15.5)
    font-awesome-rails (4.7.0.8)
      railties (>= 3.2, < 8.0)
    formatador (1.1.0)
    friendly_id (5.4.2)
      activerecord (>= 4.0.0)
    globalid (1.0.0)
      activesupport (>= 5.0)
    guard (2.18.0)
      formatador (>= 0.2.4)
      listen (>= 2.7, < 4.0)
      lumberjack (>= 1.0.12, < 2.0)
      nenv (~> 0.1)
      notiffany (~> 0.0)
      pry (>= 0.13.0)
      shellany (~> 0.0)
      thor (>= 0.18.1)
    guard-rspec (4.2.10)
      guard (~> 2.1)
      rspec (>= 2.14, < 4.0)
    htmlentities (4.3.4)
    i18n (1.12.0)
      concurrent-ruby (~> 1.0)
    image_processing (1.12.2)
      mini_magick (>= 4.9.5, < 5)
      ruby-vips (>= 2.0.17, < 3)
    jquery-atwho-rails (1.5.4)
    jquery-rails (4.5.0)
      rails-dom-testing (>= 1, < 3)
      railties (>= 4.2.0)
      thor (>= 0.14, < 2.0)
    jsonapi-renderer (0.2.2)
    kgio (2.11.4)
    launchy (2.5.0)
      addressable (~> 2.7)
    letter_opener (1.8.1)
      launchy (>= 2.2, < 3)
    listen (3.7.1)
      rb-fsevent (~> 0.10, >= 0.10.3)
      rb-inotify (~> 0.9, >= 0.9.10)
    loofah (2.19.0)
      crass (~> 1.0.2)
      nokogiri (>= 1.5.9)
    lumberjack (1.2.8)
    mail (2.7.1)
      mini_mime (>= 0.1.1)
    marcel (0.3.3)
      mimemagic (~> 0.3.2)
    matrix (0.4.2)
    merit (4.0.3)
      ambry (~> 1.0.0)
      zeitwerk
    method_source (1.0.0)
    mime-types (3.4.1)
      mime-types-data (~> 3.2015)
    mime-types-data (3.2022.0105)
    mimemagic (0.3.10)
      nokogiri (~> 1)
      rake
    mini_magick (4.11.0)
    mini_mime (1.1.2)
    mini_portile2 (2.8.0)
    minitest (5.16.3)
    multi_test (1.1.0)
    nenv (0.3.0)
    nio4r (2.5.8)
    nokogiri (1.13.9)
      mini_portile2 (~> 2.8.0)
      racc (~> 1.4)
    notiffany (0.1.3)
      nenv (~> 0.1)
      shellany (~> 0.0)
    orm_adapter (0.5.0)
    pg (1.4.4)
    populator (1.0.0)
    pry (0.14.1)
      coderay (~> 1.1)
      method_source (~> 1.0)
    public_activity (2.0.2)
      actionpack (>= 5.0.0)
      activerecord (>= 5.0)
      i18n (>= 0.5.0)
      railties (>= 5.0.0)
    public_suffix (5.0.0)
    puma (5.6.5)
      nio4r (~> 2.0)
    racc (1.6.0)
    rack (2.2.4)
    rack-test (2.0.2)
      rack (>= 1.3)
    rails (5.2.0)
      actioncable (= 5.2.0)
      actionmailer (= 5.2.0)
      actionpack (= 5.2.0)
      actionview (= 5.2.0)
      activejob (= 5.2.0)
      activemodel (= 5.2.0)
      activerecord (= 5.2.0)
      activestorage (= 5.2.0)
      activesupport (= 5.2.0)
      bundler (>= 1.3.0)
      railties (= 5.2.0)
      sprockets-rails (>= 2.0.0)
    rails-dom-testing (2.0.3)
      activesupport (>= 4.2.0)
      nokogiri (>= 1.6)
    rails-html-sanitizer (1.4.3)
      loofah (~> 2.3)
    rails_12factor (0.0.3)
      rails_serve_static_assets
      rails_stdout_logging
    rails_serve_static_assets (0.0.5)
    rails_stdout_logging (0.0.5)
    railties (5.2.0)
      actionpack (= 5.2.0)
      activesupport (= 5.2.0)
      method_source
      rake (>= 0.8.7)
      thor (>= 0.18.1, < 2.0)
    raindrops (0.20.0)
    rake (13.0.6)
    rb-fsevent (0.11.2)
    rb-inotify (0.10.1)
      ffi (~> 1.0)
    redcarpet (3.5.1)
    regexp_parser (2.6.0)
    responders (3.0.1)
      actionpack (>= 5.0)
      railties (>= 5.0)
    rexml (3.2.5)
    rinku (1.5.1)
    rspec (3.12.0)
      rspec-core (~> 3.12.0)
      rspec-expectations (~> 3.12.0)
      rspec-mocks (~> 3.12.0)
    rspec-core (3.12.0)
      rspec-support (~> 3.12.0)
    rspec-expectations (3.12.0)
      diff-lcs (>= 1.2.0, < 2.0)
      rspec-support (~> 3.12.0)
    rspec-mocks (3.12.0)
      diff-lcs (>= 1.2.0, < 2.0)
      rspec-support (~> 3.12.0)
    rspec-rails (5.1.2)
      actionpack (>= 5.2)
      activesupport (>= 5.2)
      railties (>= 5.2)
      rspec-core (~> 3.10)
      rspec-expectations (~> 3.10)
      rspec-mocks (~> 3.10)
      rspec-support (~> 3.10)
    rspec-support (3.12.0)
    ruby-vips (2.1.4)
      ffi (~> 1.12)
    rubyzip (1.3.0)
    sanitize (6.0.0)
      crass (~> 1.0.2)
      nokogiri (>= 1.12.0)
    sass (3.7.4)
      sass-listen (~> 4.0.0)
    sass-listen (4.0.0)
      rb-fsevent (~> 0.9, >= 0.9.4)
      rb-inotify (~> 0.9, >= 0.9.7)
    sass-rails (5.0.8)
      railties (>= 5.2.0)
      sass (~> 3.1)
      sprockets (>= 2.8, < 4.0)
      sprockets-rails (>= 2.0, < 4.0)
      tilt (>= 1.1, < 3)
    sassc (2.4.0)
      ffi (~> 1.9)
    selenium-webdriver (3.142.7)
      childprocess (>= 0.5, < 4.0)
      rubyzip (>= 1.2.2)
    shellany (0.0.1)
    spring (3.1.1)
    sprockets (3.7.2)
      concurrent-ruby (~> 1.0)
      rack (> 1, < 3)
    sprockets-rails (3.4.2)
      actionpack (>= 5.2)
      activesupport (>= 5.2)
      sprockets (>= 3.0.0)
    sqlite3 (1.3.13)
    ssrf_filter (1.1.1)
    sys-uname (1.2.2)
      ffi (~> 1.1)
    thor (1.2.1)
    thread_safe (0.3.6)
    tilt (2.0.11)
    tzinfo (1.2.10)
      thread_safe (~> 0.1)
    uglifier (4.2.0)
      execjs (>= 0.3.0, < 3)
    unicorn (6.1.0)
      kgio (~> 2.6)
      raindrops (~> 0.7)
    warden (1.2.9)
      rack (>= 2.0.9)
    webdrivers (4.0.0)
      nokogiri (~> 1.6)
      rubyzip (~> 1.0)
      selenium-webdriver (~> 3.0)
    webrick (1.7.0)
    websocket-driver (0.7.5)
      websocket-extensions (>= 0.1.0)
    websocket-extensions (0.1.5)
    will_paginate (3.1.8)
    xpath (3.2.0)
      nokogiri (~> 1.8)
    zeitwerk (2.6.4)

PLATFORMS
  ruby

DEPENDENCIES
  active_model_serializers
  acts_as_commentable
  acts_as_follower
  acts_as_votable (~> 0.10.0)
  auto_html (~> 1.6.4)
  autoprefixer-rails
  better_errors
  binding_of_caller
  bootstrap-sass (~> 3.4.1)
  capybara
  carrierwave
  counter_culture (~> 0.1.33)
  cucumber-rails
  cucumber-rails-training-wheels
  database_cleaner
  devise
  email_spec
  excon
  faker
  font-awesome-rails
  friendly_id (~> 5.0)
  guard
  guard-rspec (~> 4.2.8)
  jquery-atwho-rails
  jquery-rails
  letter_opener
  merit
  pg
  populator
  public_activity
  puma (= 5.6.5)
  rails (= 5.2.0)
  rails_12factor
  rspec-rails
  sanitize
  sass-rails (~> 5.0.0)
  selenium-webdriver
  spring
  sqlite3 (~> 1.3.11)
  uglifier (>= 1.3.0)
  unicorn
  webdrivers (= 4.0)
  will_paginate (~> 3.1.0)

RUBY VERSION
   ruby 2.6.6p146

BUNDLED WITH
   1.17.3
